GEM
  remote: https://rubygems.org/
  specs:
    async (1.29.0)
      console (~> 1.10)
      nio4r (~> 2.3)
      timers (~> 4.1)
    async-rspec (1.16.0)
      rspec (~> 3.0)
      rspec-files (~> 1.0)
      rspec-memory (~> 1.0)
    async-sequel (0.1.0)
      sequel
    configature (0.3.7)
    console (1.12.0)
      fiber-local
    diff-lcs (1.4.4)
    fiber-local (1.0.0)
    nio4r (2.5.7)
    pg (1.2.3)
    pqueue (2.1.0)
    rake (13.0.3)
    rspec (3.10.0)
      rspec-core (~> 3.10.0)
      rspec-expectations (~> 3.10.0)
      rspec-mocks (~> 3.10.0)
    rspec-core (3.10.1)
      rspec-support (~> 3.10.0)
    rspec-expectations (3.10.1)
      diff-lcs (>= 1.2.0, < 2.0)
      rspec-support (~> 3.10.0)
    rspec-files (1.1.1)
      rspec (~> 3.0)
    rspec-memory (1.0.2)
      rspec (~> 3.0)
    rspec-mocks (3.10.2)
      diff-lcs (>= 1.2.0, < 2.0)
      rspec-support (~> 3.10.0)
    rspec-support (3.10.2)
    sequel (5.44.0)
    timers (4.3.3)

PLATFORMS
  x86_64-darwin-20

DEPENDENCIES
  async
  async-rspec
  async-sequel
  bundler
  configature
  pg
  pqueue
  rake
  rspec
  sequel

BUNDLED WITH
   2.2.16
